GEM
  remote: http://rubygems.org/
  specs:
    fakeldap (0.0.1)
    fakeweb (1.3.0)
    net-ldap (0.2.2)
    test-unit (2.3.0)

PLATFORMS
  ruby

DEPENDENCIES
  fakeldap (~> 0.0.1)
  fakeweb (>= 1.3.0)
  net-ldap (~> 0.2.2)
  test-unit (>= 2.1.2)
